GEM
  remote: https://rubygems.org/
  specs:
    appraisal (1.0.0)
      bundler
      rake
      thor (>= 0.14.0)
    minitest (4.0.0)
    rake (10.3.2)
    sqlite3 (1.3.9)
    thor (0.19.1)

PLATFORMS
  ruby

DEPENDENCIES
  appraisal
  bundler
  minitest (~> 4.0)
  sqlite3
