PATH
  remote: .
  specs:
    store_base_sti_class (0.1.1)
      activerecord
      appraisal
      bundler
      sqlite3

GEM
  remote: http://rubygems.org/
  specs:
    activemodel (3.2.19)
      activesupport (= 3.2.19)
      builder (~> 3.0.0)
    activerecord (3.2.19)
      activemodel (= 3.2.19)
      activesupport (= 3.2.19)
      arel (~> 3.0.2)
      tzinfo (~> 0.3.29)
    activesupport (3.2.19)
      i18n (~> 0.6, >= 0.6.4)
      multi_json (~> 1.0)
    appraisal (1.0.0)
      bundler
      rake
      thor (>= 0.14.0)
    arel (3.0.3)
    builder (3.0.4)
    i18n (0.6.9)
    minitest (4.0.0)
    multi_json (1.10.1)
    rake (10.3.2)
    sqlite3 (1.3.9)
    thor (0.19.1)
    tzinfo (0.3.39)

PLATFORMS
  ruby

DEPENDENCIES
  minitest (~> 4.0)
  store_base_sti_class!
